GEM
  remote: https://rubygems.org/
  specs:
    elasticsearch (0.4.3)
      elasticsearch-api (= 0.4.3)
      elasticsearch-transport (= 0.4.3)
    elasticsearch-api (0.4.3)
      multi_json
    elasticsearch-transport (0.4.3)
      faraday
      multi_json
    faraday (0.8.8)
      multipart-post (~> 1.2.0)
    multi_json (1.8.2)
    multipart-post (1.2.0)
    redis (2.2.2)

PLATFORMS
  ruby

DEPENDENCIES
  elasticsearch
  redis
